{
	"Modality": "MR",
	"MagneticFieldStrength": 3,
	"ImagingFrequency": 127.755,
	"Manufacturer": "Philips",
	"ManufacturersModelName": "Ingenia_CX",
	"InstitutionName": "Wuhan_Union_hospital",
	"InstitutionalDepartmentName": "MR",
	"DeviceSerialNumber": "78172",
	"StationName": "PHILIPS-3LJKJS3",
	"BodyPartExamined": "BRAIN",
	"PatientPosition": "HFS",
	"ProcedureStepDescription": "H",
	"SoftwareVersions": "6.1.571_6.1.571.1",
	"MRAcquisitionType": "3D",
	"SeriesDescription": "cs_T1W_3D_IR_TFE_tra",
	"ProtocolName": "WIP_cs_T1W_3D_IR_TFE_tra",
	"ScanningSequence": "GR",
	"SequenceVariant": "MP",
	"ScanOptions": "OTHER",
	"ImageType": ["ORIGINAL", "PRIMARY", "M", "FFE", "M", "FFE"],
	"SeriesNumber": 701,
	"AcquisitionTime": "15:23:55.430000",
	"AcquisitionNumber": 7,
	"PhilipsRWVSlope": 2.11624,
	"PhilipsRWVIntercept": 0,
	"PhilipsRescaleSlope": 2.11624,
	"PhilipsRescaleIntercept": 0,
	"PhilipsScaleSlope": 0.00399557,
	"UsePhilipsFloatNotDisplayScaling": 1,
	"SliceThickness": 1,
	"SpacingBetweenSlices": 1,
	"SAR": 0.0215121,
	"EchoTime": 0.0035,
	"RepetitionTime": 0.0079,
	"FlipAngle": 8,
	"CoilString": "MULTI_COIL",
	"PercentPhaseFOV": 79.6875,
	"EchoTrainLength": 222,
	"PhaseEncodingSteps": 250,
	"AcquisitionMatrixPE": 250,
	"ReconMatrixPE": 512,
	"PixelBandwidth": 288,
	"ImageOrientationPatientDICOM": [
		0.997713,
		0.0598542,
		-0.0313994,
		-0.0656542,
		0.968605,
		-0.23978	],
	"InPlanePhaseEncodingDirectionDICOM": "ROW",
	"ConversionSoftware": "dcm2niix",
	"ConversionSoftwareVersion": "v1.0.20191219"
}
