{
	"Modality": "MR",
	"MagneticFieldStrength": 3,
	"ImagingFrequency": 127.755,
	"Manufacturer": "Philips",
	"ManufacturersModelName": "Ingenia_CX",
	"InstitutionName": "Wuhan_Union_hospital",
	"InstitutionalDepartmentName": "MR",
	"DeviceSerialNumber": "78172",
	"StationName": "PHILIPS-3LJKJS3",
	"BodyPartExamined": "BRAIN",
	"PatientPosition": "HFS",
	"ProcedureStepDescription": "H",
	"SoftwareVersions": "6.1.571_6.1.571.1",
	"MRAcquisitionType": "3D",
	"SeriesDescription": "cs3D_T2_flair_Brain_View",
	"ProtocolName": "WIP_cs3D_T2_flair_Brain_View",
	"ScanningSequence": "IR",
	"SequenceVariant": "SK",
	"ScanOptions": "FS",
	"ImageType": ["ORIGINAL", "PRIMARY", "M", "IR", "M", "IR"],
	"SeriesNumber": 401,
	"AcquisitionTime": "15:19:33.210000",
	"AcquisitionNumber": 4,
	"PhilipsRWVSlope": 3.03126,
	"PhilipsRWVIntercept": 0,
	"PhilipsRescaleSlope": 3.03126,
	"PhilipsRescaleIntercept": 0,
	"PhilipsScaleSlope": 0.001121,
	"UsePhilipsFloatNotDisplayScaling": 1,
	"SliceThickness": 3,
	"SpacingBetweenSlices": 1.5,
	"SAR": 0.0321436,
	"EchoTime": 0.304364,
	"RepetitionTime": 4.8,
	"InversionTime": 1.65,
	"FlipAngle": 90,
	"CoilString": "MULTI_COIL",
	"PercentPhaseFOV": 100,
	"EchoTrainLength": 167,
	"PhaseEncodingSteps": 251,
	"AcquisitionMatrixPE": 251,
	"ReconMatrixPE": 256,
	"PixelBandwidth": 1033,
	"ImageOrientationPatientDICOM": [
		0.997713,
		0.0598542,
		-0.0313994,
		-0.0656542,
		0.968605,
		-0.23978	],
	"InPlanePhaseEncodingDirectionDICOM": "COL",
	"ConversionSoftware": "dcm2niix",
	"ConversionSoftwareVersion": "v1.0.20191219"
}
