{
	"Modality": "MR",
	"MagneticFieldStrength": 3,
	"ImagingFrequency": 127.755,
	"Manufacturer": "Philips",
	"ManufacturersModelName": "Ingenia_CX",
	"InstitutionName": "Wuhan_Union_hospital",
	"InstitutionalDepartmentName": "MR",
	"DeviceSerialNumber": "78172",
	"StationName": "PHILIPS-3LJKJS3",
	"SeriesInstanceUID": "1.3.46.670589.11.78172.5.0.16336.2023050619154616273",
	"StudyInstanceUID": "1.2.840.113564.345049151876.8980.638189010887029373.2439",
	"PatientName": "Tian_Xiao_Lin",
	"PatientID": "P6168095",
	"AccessionNumber": "UMR202305053369",
	"PatientBirthDate": "1957-08-21",
	"PatientSex": "M",
	"PatientWeight": 88,
	"BodyPartExamined": "HEAD",
	"PatientPosition": "HFS",
	"ProcedureStepDescription": "Glioma",
	"SoftwareVersions": "6.1.571_6.1.571.1",
	"MRAcquisitionType": "2D",
	"SeriesDescription": "PA_85_sDKI_opt_40_EPIC",
	"ProtocolName": "WIP_PA_85_sDKI_opt_40_EPIC",
	"ScanningSequence": "SE",
	"SequenceVariant": "SK",
	"ScanOptions": "FS",
	"ImageType": ["ORIGINAL", "PRIMARY", "M", "SE", "M", "SE"],
	"SeriesNumber": 901,
	"AcquisitionTime": "19:15:51.930000",
	"AcquisitionDateTime": "2023-05-06T19:15:51.930000",
	"AcquisitionNumber": 9,
	"PhilipsRWVSlope": 1.86569,
	"PhilipsRWVIntercept": 0,
	"PhilipsRescaleSlope": 1.86569,
	"PhilipsRescaleIntercept": 0,
	"PhilipsScaleSlope": 0.0682221,
	"UsePhilipsFloatNotDisplayScaling": 1,
	"SliceThickness": 1.5,
	"SpacingBetweenSlices": 1.5,
	"SAR": 0.0937384,
	"EchoTime": 0.085,
	"RepetitionTime": 4,
	"FlipAngle": 90,
	"CoilString": "MULTI_COIL",
	"PartialFourier": 0.663866,
	"PercentPhaseFOV": 100,
	"EchoTrainLength": 79,
	"PhaseEncodingSteps": 119,
	"AcquisitionMatrixPE": 119,
	"ReconMatrixPE": 160,
	"PixelBandwidth": 2965,
	"PhaseEncodingAxis": "j",
	"ImageOrientationPatientDICOM": [
		0.997327,
		0.0440013,
		-0.0583325,
		-0.0561945,
		0.972168,
		-0.227447	],
	"InPlanePhaseEncodingDirectionDICOM": "COL",
	"ConversionSoftware": "dcm2niix",
	"ConversionSoftwareVersion": "v1.0.20190902"
}
