{
	"Modality": "MR",
	"MagneticFieldStrength": 3,
	"ImagingFrequency": 127.755,
	"Manufacturer": "Philips",
	"ManufacturersModelName": "Ingenia_CX",
	"InstitutionName": "Wuhan_Union_hospital",
	"InstitutionalDepartmentName": "MR",
	"DeviceSerialNumber": "78172",
	"StationName": "PHILIPS-3LJKJS3",
	"BodyPartExamined": "HEAD",
	"PatientPosition": "HFS",
	"ProcedureStepDescription": "IBS034_2st",
	"SoftwareVersions": "6.1.571_6.1.571.1",
	"MRAcquisitionType": "3D",
	"SeriesDescription": "3D_Brain_View_FLAIR_SHC",
	"ProtocolName": "WIP_3D_Brain_View_FLAIR_SHC",
	"ScanningSequence": "IR",
	"SequenceVariant": "SK",
	"ScanOptions": "FS",
	"ImageType": ["ORIGINAL", "PRIMARY", "M", "IR", "M", "IR"],
	"SeriesNumber": 301,
	"AcquisitionTime": "17:10:6.890000",
	"AcquisitionNumber": 3,
	"PhilipsRWVSlope": 7.66447,
	"PhilipsRWVIntercept": 0,
	"PhilipsRescaleSlope": 7.66447,
	"PhilipsRescaleIntercept": 0,
	"PhilipsScaleSlope": 0.00191744,
	"UsePhilipsFloatNotDisplayScaling": 1,
	"SliceThickness": 0.999,
	"SpacingBetweenSlices": 0.7,
	"SAR": 0.0321416,
	"EchoTime": 0.302802,
	"RepetitionTime": 4.8,
	"InversionTime": 1.65,
	"FlipAngle": 90,
	"CoilString": "MULTI_COIL",
	"PercentPhaseFOV": 100,
	"EchoTrainLength": 167,
	"PhaseEncodingSteps": 251,
	"AcquisitionMatrixPE": 251,
	"ReconMatrixPE": 352,
	"PixelBandwidth": 1067,
	"ImageOrientationPatientDICOM": [
		0.0276542,
		0.999382,
		0.0216843,
		-0.00506751,
		0.0218325,
		-0.999749	],
	"InPlanePhaseEncodingDirectionDICOM": "ROW",
	"ConversionSoftware": "dcm2niix",
	"ConversionSoftwareVersion": "v1.0.20191219"
}
