{
	"Modality": "MR",
	"MagneticFieldStrength": 3,
	"ImagingFrequency": 127.755,
	"Manufacturer": "Philips",
	"ManufacturersModelName": "Ingenia_CX",
	"InstitutionName": "Wuhan_Union_hospital",
	"InstitutionalDepartmentName": "MR",
	"DeviceSerialNumber": "78172",
	"StationName": "PHILIPS-3LJKJS3",
	"BodyPartExamined": "HEAD",
	"PatientPosition": "HFS",
	"ProcedureStepDescription": "IBS047_2st",
	"SoftwareVersions": "6.1.571_6.1.571.1",
	"MRAcquisitionType": "2D",
	"SeriesDescription": "PA_105_sDKI_opt_40",
	"ProtocolName": "WIP_PA_105_sDKI_opt_40",
	"ScanningSequence": "SE",
	"SequenceVariant": "SK",
	"ScanOptions": "FS",
	"ImageType": ["ORIGINAL", "PRIMARY", "M", "SE", "M", "SE"],
	"SeriesNumber": 1201,
	"AcquisitionTime": "16:16:17.160000",
	"AcquisitionNumber": 12,
	"PhilipsRWVSlope": 1.91819,
	"PhilipsRWVIntercept": 0,
	"PhilipsRescaleSlope": 1.91819,
	"PhilipsRescaleIntercept": 0,
	"PhilipsScaleSlope": 0.0673205,
	"UsePhilipsFloatNotDisplayScaling": 1,
	"SliceThickness": 1.5,
	"SpacingBetweenSlices": 1.5,
	"SAR": 0.0937271,
	"EchoTime": 0.105,
	"RepetitionTime": 4,
	"FlipAngle": 90,
	"CoilString": "MULTI_COIL",
	"PartialFourier": 0.663866,
	"PercentPhaseFOV": 100,
	"EchoTrainLength": 79,
	"PhaseEncodingSteps": 119,
	"AcquisitionMatrixPE": 119,
	"ReconMatrixPE": 160,
	"PixelBandwidth": 2967,
	"PhaseEncodingAxis": "j",
	"ImageOrientationPatientDICOM": [
		0.999967,
		-0.00592126,
		-0.00557901,
		0.00512814,
		0.991132,
		-0.13278	],
	"InPlanePhaseEncodingDirectionDICOM": "COL",
	"ConversionSoftware": "dcm2niix",
	"ConversionSoftwareVersion": "v1.0.20191219"
}
