{
	"Modality": "MR",
	"MagneticFieldStrength": 3,
	"ImagingFrequency": 127.755,
	"Manufacturer": "Philips",
	"ManufacturersModelName": "Ingenia_CX",
	"InstitutionName": "Wuhan_Union_hospital",
	"InstitutionalDepartmentName": "MR",
	"DeviceSerialNumber": "78172",
	"StationName": "PHILIPS-3LJKJS3",
	"BodyPartExamined": "HEAD",
	"PatientPosition": "HFS",
	"ProcedureStepDescription": "MRI_tumor",
	"SoftwareVersions": "6.1.571_6.1.571.1",
	"MRAcquisitionType": "3D",
	"SeriesDescription": "cs3D_T2_flair_Brain_View",
	"ProtocolName": "WIP_cs3D_T2_flair_Brain_View",
	"ScanningSequence": "IR",
	"SequenceVariant": "SK",
	"ScanOptions": "FS",
	"ImageType": ["ORIGINAL", "PRIMARY", "M", "IR", "M", "IR"],
	"SeriesNumber": 301,
	"AcquisitionTime": "14:12:58.000000",
	"AcquisitionNumber": 3,
	"PhilipsRWVSlope": 4.58266,
	"PhilipsRWVIntercept": 0,
	"PhilipsRescaleSlope": 4.58266,
	"PhilipsRescaleIntercept": 0,
	"PhilipsScaleSlope": 0.00112192,
	"UsePhilipsFloatNotDisplayScaling": 1,
	"SliceThickness": 2,
	"SpacingBetweenSlices": 1,
	"SAR": 0.032144,
	"EchoTime": 0.310611,
	"RepetitionTime": 4.8,
	"InversionTime": 1.65,
	"FlipAngle": 90,
	"CoilString": "MULTI_COIL",
	"PercentPhaseFOV": 100,
	"EchoTrainLength": 167,
	"PhaseEncodingSteps": 251,
	"AcquisitionMatrixPE": 251,
	"ReconMatrixPE": 256,
	"PixelBandwidth": 1055,
	"ImageOrientationPatientDICOM": [
		0.998696,
		0.00654417,
		-0.0506322,
		-0.00437568,
		0.999073,
		0.0428212	],
	"InPlanePhaseEncodingDirectionDICOM": "COL",
	"ConversionSoftware": "dcm2niix",
	"ConversionSoftwareVersion": "v1.0.20190902"
}
