{
	"Modality": "MR",
	"MagneticFieldStrength": 3,
	"ImagingFrequency": 127.755,
	"Manufacturer": "Philips",
	"ManufacturersModelName": "Ingenia_CX",
	"InstitutionName": "Wuhan_Union_hospital",
	"InstitutionalDepartmentName": "MR",
	"DeviceSerialNumber": "78172",
	"StationName": "PHILIPS-3LJKJS3",
	"SeriesInstanceUID": "1.3.46.670589.11.78172.5.0.8456.2023042521174074218",
	"StudyInstanceUID": "1.2.840.113554.345052333575.68212.638176696994096766.3029",
	"PatientName": "Wang_juan",
	"PatientID": "P6141194",
	"AccessionNumber": "UMR202304211546",
	"PatientBirthDate": "1979-09-23",
	"PatientSex": "F",
	"PatientWeight": 88,
	"BodyPartExamined": "HEAD",
	"PatientPosition": "HFS",
	"ProcedureStepDescription": "head",
	"SoftwareVersions": "6.1.571_6.1.571.1",
	"MRAcquisitionType": "3D",
	"SeriesDescription": "cs_T1W_3D_TFE_32_channel",
	"ProtocolName": "WIP_cs_T1W_3D_TFE_32_channel",
	"ScanningSequence": "GR",
	"SequenceVariant": "MP",
	"ScanOptions": "OTHER",
	"ImageType": ["ORIGINAL", "PRIMARY", "M", "FFE", "M", "FFE"],
	"SeriesNumber": 1701,
	"AcquisitionTime": "21:17:59.800000",
	"AcquisitionDateTime": "2023-04-25T21:17:59.800000",
	"AcquisitionNumber": 17,
	"PhilipsRWVSlope": 1.72943,
	"PhilipsRWVIntercept": 0,
	"PhilipsRescaleSlope": 1.72943,
	"PhilipsRescaleIntercept": 0,
	"PhilipsScaleSlope": 0.00522514,
	"UsePhilipsFloatNotDisplayScaling": 1,
	"SliceThickness": 1,
	"SpacingBetweenSlices": 0.7,
	"SAR": 0.0153805,
	"EchoTime": 0.003793,
	"RepetitionTime": 0.0081997,
	"FlipAngle": 8,
	"CoilString": "MULTI_COIL",
	"PercentPhaseFOV": 94.3182,
	"EchoTrainLength": 158,
	"PhaseEncodingSteps": 256,
	"AcquisitionMatrixPE": 256,
	"ReconMatrixPE": 352,
	"PixelBandwidth": 191,
	"ImageOrientationPatientDICOM": [
		-0.0162088,
		0.986936,
		-0.160293,
		0.0117984,
		-0.160114,
		-0.987028	],
	"InPlanePhaseEncodingDirectionDICOM": "ROW",
	"ConversionSoftware": "dcm2niix",
	"ConversionSoftwareVersion": "v1.0.20190902"
}
