{
	"Modality": "MR",
	"MagneticFieldStrength": 3,
	"ImagingFrequency": 127.755,
	"Manufacturer": "Philips",
	"ManufacturersModelName": "Ingenia_CX",
	"InstitutionName": "Wuhan_Union_hospital",
	"InstitutionalDepartmentName": "MR",
	"DeviceSerialNumber": "78172",
	"StationName": "PHILIPS-3LJKJS3",
	"BodyPartExamined": "BRAIN",
	"PatientPosition": "HFS",
	"ProcedureStepDescription": "Head+MRS",
	"SoftwareVersions": "6.1.571_6.1.571.1",
	"MRAcquisitionType": "2D",
	"SeriesDescription": "PA_125sDKI_opt_40_EPIC",
	"ProtocolName": "WIP_PA_125sDKI_opt_40_EPIC",
	"ScanningSequence": "SE",
	"SequenceVariant": "SK",
	"ScanOptions": "FS",
	"ImageType": ["ORIGINAL", "PRIMARY", "M", "SE", "M", "SE"],
	"SeriesNumber": 1801,
	"AcquisitionTime": "10:55:39.320000",
	"AcquisitionNumber": 18,
	"PhilipsRWVSlope": 2.25763,
	"PhilipsRWVIntercept": 0,
	"PhilipsRescaleSlope": 2.25763,
	"PhilipsRescaleIntercept": 0,
	"PhilipsScaleSlope": 0.0677493,
	"UsePhilipsFloatNotDisplayScaling": 1,
	"SliceThickness": 1.5,
	"SpacingBetweenSlices": 1.5,
	"SAR": 0.0889346,
	"EchoTime": 0.125,
	"RepetitionTime": 4.21352,
	"FlipAngle": 90,
	"CoilString": "MULTI_COIL",
	"PartialFourier": 0.663866,
	"PercentPhaseFOV": 100,
	"EchoTrainLength": 79,
	"PhaseEncodingSteps": 119,
	"AcquisitionMatrixPE": 119,
	"ReconMatrixPE": 160,
	"PixelBandwidth": 2964,
	"PhaseEncodingAxis": "j",
	"ImageOrientationPatientDICOM": [
		0.998896,
		-0.0134929,
		0.045001,
		0.0236616,
		0.972001,
		-0.23378	],
	"InPlanePhaseEncodingDirectionDICOM": "COL",
	"ConversionSoftware": "dcm2niix",
	"ConversionSoftwareVersion": "v1.0.20191219"
}
