{
	"Modality": "MR",
	"MagneticFieldStrength": 3,
	"ImagingFrequency": 127.755,
	"Manufacturer": "Philips",
	"ManufacturersModelName": "Ingenia_CX",
	"InstitutionName": "Wuhan_Union_hospital",
	"InstitutionalDepartmentName": "MR",
	"DeviceSerialNumber": "78172",
	"StationName": "PHILIPS-3LJKJS3",
	"BodyPartExamined": "HEAD",
	"PatientPosition": "HFS",
	"ProcedureStepDescription": "Glioma",
	"SoftwareVersions": "6.1.571_6.1.571.1",
	"MRAcquisitionType": "2D",
	"SeriesDescription": "PA_135sDKI_opt_40_EPIC",
	"ProtocolName": "WIP_PA_135sDKI_opt_40_EPIC",
	"ScanningSequence": "SE",
	"SequenceVariant": "SK",
	"ScanOptions": "FS",
	"ImageType": ["ORIGINAL", "PRIMARY", "M", "SE", "M", "SE"],
	"SeriesNumber": 1101,
	"AcquisitionTime": "09:11:27.780000",
	"AcquisitionNumber": 11,
	"PhilipsRWVSlope": 2.05885,
	"PhilipsRWVIntercept": 0,
	"PhilipsRescaleSlope": 2.05885,
	"PhilipsRescaleIntercept": 0,
	"PhilipsScaleSlope": 0.0628457,
	"UsePhilipsFloatNotDisplayScaling": 1,
	"SliceThickness": 1.5,
	"SpacingBetweenSlices": 1.5,
	"SAR": 0.0841169,
	"EchoTime": 0.135,
	"RepetitionTime": 4.45193,
	"FlipAngle": 90,
	"CoilString": "MULTI_COIL",
	"PartialFourier": 0.663866,
	"PercentPhaseFOV": 100,
	"EchoTrainLength": 79,
	"PhaseEncodingSteps": 119,
	"AcquisitionMatrixPE": 119,
	"ReconMatrixPE": 160,
	"PixelBandwidth": 2966,
	"PhaseEncodingAxis": "j",
	"ImageOrientationPatientDICOM": [
		0.99557,
		0.0147889,
		0.0928492,
		-0.00487894,
		0.994347,
		-0.106065	],
	"InPlanePhaseEncodingDirectionDICOM": "COL",
	"ConversionSoftware": "dcm2niix",
	"ConversionSoftwareVersion": "v1.0.20191219"
}
