{
	"Modality": "MR",
	"MagneticFieldStrength": 3,
	"ImagingFrequency": 127.755,
	"Manufacturer": "Philips",
	"ManufacturersModelName": "Ingenia_CX",
	"InstitutionName": "Wuhan_Union_hospital",
	"InstitutionalDepartmentName": "MR",
	"DeviceSerialNumber": "78172",
	"StationName": "PHILIPS-3LJKJS3",
	"BodyPartExamined": "HEAD",
	"PatientPosition": "HFS",
	"ProcedureStepDescription": "Glioma",
	"SoftwareVersions": "6.1.571_6.1.571.1",
	"MRAcquisitionType": "3D",
	"SeriesDescription": "cs3D_T2_flair_Brain_View",
	"ProtocolName": "WIP_cs3D_T2_flair_Brain_View",
	"ScanningSequence": "IR",
	"SequenceVariant": "SK",
	"ScanOptions": "FS",
	"ImageType": ["ORIGINAL", "PRIMARY", "M", "IR", "M", "IR"],
	"SeriesNumber": 201,
	"AcquisitionTime": "07:49:13.920000",
	"AcquisitionNumber": 2,
	"PhilipsRWVSlope": 6.05958,
	"PhilipsRWVIntercept": 0,
	"PhilipsRescaleSlope": 6.05959,
	"PhilipsRescaleIntercept": 0,
	"PhilipsScaleSlope": 0.00106156,
	"UsePhilipsFloatNotDisplayScaling": 1,
	"SliceThickness": 2,
	"SpacingBetweenSlices": 1,
	"SAR": 0.0321432,
	"EchoTime": 0.298898,
	"RepetitionTime": 4.8,
	"InversionTime": 1.65,
	"FlipAngle": 90,
	"CoilString": "MULTI_COIL",
	"PercentPhaseFOV": 100,
	"EchoTrainLength": 167,
	"PhaseEncodingSteps": 251,
	"AcquisitionMatrixPE": 251,
	"ReconMatrixPE": 256,
	"PixelBandwidth": 1055,
	"ImageOrientationPatientDICOM": [
		0.995973,
		0.0773672,
		0.0452915,
		-0.0603893,
		0.952378,
		-0.29888	],
	"InPlanePhaseEncodingDirectionDICOM": "COL",
	"ConversionSoftware": "dcm2niix",
	"ConversionSoftwareVersion": "v1.0.20191219"
}
