{
	"Modality": "MR",
	"MagneticFieldStrength": 3,
	"ImagingFrequency": 127.755,
	"Manufacturer": "Philips",
	"ManufacturersModelName": "Ingenia_CX",
	"InstitutionName": "Wuhan_Union_hospital",
	"InstitutionalDepartmentName": "MR",
	"DeviceSerialNumber": "78172",
	"StationName": "PHILIPS-3LJKJS3",
	"SeriesInstanceUID": "1.3.46.670589.11.78172.5.0.16336.2023050618575885743",
	"StudyInstanceUID": "1.2.840.113564.345049151876.8980.638189010887029373.2439",
	"PatientName": "Tian_Xiao_Lin",
	"PatientID": "P6168095",
	"AccessionNumber": "UMR202305053369",
	"PatientBirthDate": "1957-08-21",
	"PatientSex": "M",
	"PatientWeight": 88,
	"BodyPartExamined": "HEAD",
	"PatientPosition": "HFS",
	"ProcedureStepDescription": "Glioma",
	"SoftwareVersions": "6.1.571_6.1.571.1",
	"MRAcquisitionType": "3D",
	"SeriesDescription": "cs3D_T2_flair_Brain_View",
	"ProtocolName": "WIP_cs3D_T2_flair_Brain_View",
	"ScanningSequence": "IR",
	"SequenceVariant": "SK",
	"ScanOptions": "FS",
	"ImageType": ["ORIGINAL", "PRIMARY", "M", "IR", "M", "IR"],
	"SeriesNumber": 201,
	"AcquisitionTime": "18:58:20.780000",
	"AcquisitionDateTime": "2023-05-06T18:58:20.780000",
	"AcquisitionNumber": 2,
	"PhilipsRWVSlope": 5.20317,
	"PhilipsRWVIntercept": 0,
	"PhilipsRescaleSlope": 5.20317,
	"PhilipsRescaleIntercept": 0,
	"PhilipsScaleSlope": 0.00123262,
	"UsePhilipsFloatNotDisplayScaling": 1,
	"SliceThickness": 2,
	"SpacingBetweenSlices": 1,
	"SAR": 0.0321434,
	"EchoTime": 0.301631,
	"RepetitionTime": 4.8,
	"InversionTime": 1.65,
	"FlipAngle": 90,
	"CoilString": "MULTI_COIL",
	"PercentPhaseFOV": 100,
	"EchoTrainLength": 167,
	"PhaseEncodingSteps": 251,
	"AcquisitionMatrixPE": 251,
	"ReconMatrixPE": 256,
	"PixelBandwidth": 1055,
	"ImageOrientationPatientDICOM": [
		0.997327,
		0.0440013,
		-0.0583325,
		-0.0561945,
		0.972168,
		-0.227447	],
	"InPlanePhaseEncodingDirectionDICOM": "COL",
	"ConversionSoftware": "dcm2niix",
	"ConversionSoftwareVersion": "v1.0.20190902"
}
