{
	"Modality": "MR",
	"MagneticFieldStrength": 3,
	"ImagingFrequency": 127.755,
	"Manufacturer": "Philips",
	"ManufacturersModelName": "Ingenia_CX",
	"InstitutionName": "Wuhan_Union_hospital",
	"InstitutionalDepartmentName": "MR",
	"DeviceSerialNumber": "78172",
	"StationName": "PHILIPS-3LJKJS3",
	"BodyPartExamined": "HEAD",
	"PatientPosition": "HFS",
	"ProcedureStepDescription": "head",
	"SoftwareVersions": "6.1.571_6.1.571.1",
	"MRAcquisitionType": "3D",
	"SeriesDescription": "3D_Brain_View_FLAIR_SHC",
	"ProtocolName": "WIP_3D_Brain_View_FLAIR_SHC",
	"ScanningSequence": "IR",
	"SequenceVariant": "SK",
	"ScanOptions": "FS",
	"ImageType": ["ORIGINAL", "PRIMARY", "M", "IR", "M", "IR"],
	"SeriesNumber": 501,
	"AcquisitionTime": "10:15:19.150000",
	"AcquisitionNumber": 5,
	"PhilipsRWVSlope": 7.23883,
	"PhilipsRWVIntercept": 0,
	"PhilipsRescaleSlope": 7.23883,
	"PhilipsRescaleIntercept": 0,
	"PhilipsScaleSlope": 0.00174451,
	"UsePhilipsFloatNotDisplayScaling": 1,
	"SliceThickness": 0.999,
	"SpacingBetweenSlices": 0.7,
	"SAR": 0.0321409,
	"EchoTime": 0.295648,
	"RepetitionTime": 4.8,
	"InversionTime": 1.65,
	"FlipAngle": 90,
	"CoilString": "MULTI_COIL",
	"PercentPhaseFOV": 100,
	"EchoTrainLength": 167,
	"PhaseEncodingSteps": 251,
	"AcquisitionMatrixPE": 251,
	"ReconMatrixPE": 352,
	"PixelBandwidth": 1210,
	"ImageOrientationPatientDICOM": [
		-0.0935704,
		0.989586,
		-0.109384,
		-0.0495127,
		-0.114355,
		-0.992205	],
	"InPlanePhaseEncodingDirectionDICOM": "ROW",
	"ConversionSoftware": "dcm2niix",
	"ConversionSoftwareVersion": "v1.0.20191219"
}
