{
	"Modality": "MR",
	"MagneticFieldStrength": 3,
	"ImagingFrequency": 127.755,
	"Manufacturer": "Philips",
	"ManufacturersModelName": "Ingenia_CX",
	"InstitutionName": "Wuhan_Union_hospital",
	"InstitutionalDepartmentName": "MR",
	"DeviceSerialNumber": "78172",
	"StationName": "PHILIPS-3LJKJS3",
	"SeriesInstanceUID": "1.3.46.670589.11.78172.5.0.8456.2023042520300918428",
	"StudyInstanceUID": "1.2.840.113554.345052333575.68212.638176696994096766.3029",
	"PatientName": "Wang_juan",
	"PatientID": "P6141194",
	"AccessionNumber": "UMR202304211546",
	"PatientBirthDate": "1979-09-23",
	"PatientSex": "F",
	"PatientWeight": 88,
	"BodyPartExamined": "HEAD",
	"PatientPosition": "HFS",
	"ProcedureStepDescription": "head",
	"SoftwareVersions": "6.1.571_6.1.571.1",
	"MRAcquisitionType": "3D",
	"SeriesDescription": "cs3D_T2_flair_Brain_View",
	"ProtocolName": "WIP_cs3D_T2_flair_Brain_View",
	"ScanningSequence": "IR",
	"SequenceVariant": "SK",
	"ScanOptions": "FS",
	"ImageType": ["ORIGINAL", "PRIMARY", "M", "IR", "M", "IR"],
	"SeriesNumber": 401,
	"AcquisitionTime": "20:30:29.700000",
	"AcquisitionDateTime": "2023-04-25T20:30:29.700000",
	"AcquisitionNumber": 4,
	"PhilipsRWVSlope": 4.0381,
	"PhilipsRWVIntercept": 0,
	"PhilipsRescaleSlope": 4.0381,
	"PhilipsRescaleIntercept": 0,
	"PhilipsScaleSlope": 0.00133026,
	"UsePhilipsFloatNotDisplayScaling": 1,
	"SliceThickness": 3,
	"SpacingBetweenSlices": 1.5,
	"SAR": 0.0321436,
	"EchoTime": 0.305273,
	"RepetitionTime": 4.8,
	"InversionTime": 1.65,
	"FlipAngle": 90,
	"CoilString": "MULTI_COIL",
	"PercentPhaseFOV": 100,
	"EchoTrainLength": 167,
	"PhaseEncodingSteps": 251,
	"AcquisitionMatrixPE": 251,
	"ReconMatrixPE": 256,
	"PixelBandwidth": 1033,
	"ImageOrientationPatientDICOM": [
		0.999799,
		0.0178898,
		0.00904898,
		-0.0162088,
		0.986936,
		-0.160293	],
	"InPlanePhaseEncodingDirectionDICOM": "COL",
	"ConversionSoftware": "dcm2niix",
	"ConversionSoftwareVersion": "v1.0.20190902"
}
