{
	"Modality": "MR",
	"MagneticFieldStrength": 3,
	"ImagingFrequency": 127.755,
	"Manufacturer": "Philips",
	"ManufacturersModelName": "Ingenia_CX",
	"InstitutionName": "Wuhan_Union_hospital",
	"InstitutionalDepartmentName": "MR",
	"DeviceSerialNumber": "78172",
	"StationName": "PHILIPS-3LJKJS3",
	"BodyPartExamined": "HEAD",
	"PatientPosition": "HFS",
	"ProcedureStepDescription": "MRS+MRV",
	"SoftwareVersions": "6.1.571_6.1.571.1",
	"MRAcquisitionType": "3D",
	"SeriesDescription": "cs_T1W_3D_TFE_new",
	"ProtocolName": "WIP_cs_T1W_3D_TFE_new",
	"ScanningSequence": "GR",
	"SequenceVariant": "MP",
	"ScanOptions": "OTHER",
	"ImageType": ["ORIGINAL", "PRIMARY", "M", "FFE", "M", "FFE"],
	"SeriesNumber": 2001,
	"AcquisitionTime": "17:00:39.460000",
	"AcquisitionNumber": 20,
	"PhilipsRWVSlope": 1.66032,
	"PhilipsRWVIntercept": 0,
	"PhilipsRescaleSlope": 1.66032,
	"PhilipsRescaleIntercept": 0,
	"PhilipsScaleSlope": 0.00367813,
	"UsePhilipsFloatNotDisplayScaling": 1,
	"SliceThickness": 2,
	"SpacingBetweenSlices": 1,
	"SAR": 0.0139144,
	"EchoTime": 0.004138,
	"RepetitionTime": 0.0084097,
	"FlipAngle": 8,
	"CoilString": "MULTI_COIL",
	"PercentPhaseFOV": 100,
	"EchoTrainLength": 140,
	"PhaseEncodingSteps": 254,
	"AcquisitionMatrixPE": 254,
	"ReconMatrixPE": 352,
	"PixelBandwidth": 172,
	"ImageOrientationPatientDICOM": [
		0.993554,
		0.0825794,
		-0.0776548,
		-0.087296,
		0.994408,
		-0.0594399	],
	"InPlanePhaseEncodingDirectionDICOM": "COL",
	"ConversionSoftware": "dcm2niix",
	"ConversionSoftwareVersion": "v1.0.20191219"
}
