{
	"Modality": "MR",
	"MagneticFieldStrength": 3,
	"ImagingFrequency": 127.755,
	"Manufacturer": "Philips",
	"ManufacturersModelName": "Ingenia_CX",
	"InstitutionName": "Wuhan_Union_hospital",
	"InstitutionalDepartmentName": "MR",
	"DeviceSerialNumber": "78172",
	"StationName": "PHILIPS-3LJKJS3",
	"BodyPartExamined": "HEAD",
	"PatientPosition": "HFS",
	"ProcedureStepDescription": "MRS+MRV",
	"SoftwareVersions": "6.1.571_6.1.571.1",
	"MRAcquisitionType": "3D",
	"SeriesDescription": "3D_FLAIR_CS_4",
	"ProtocolName": "WIP_3D_FLAIR_CS_4",
	"ScanningSequence": "IR",
	"SequenceVariant": "SK",
	"ScanOptions": "FS",
	"ImageType": ["ORIGINAL", "PRIMARY", "M", "IR", "M", "IR"],
	"SeriesNumber": 402001,
	"AcquisitionTime": "16:21:47.470000",
	"AcquisitionNumber": 4,
	"PhilipsRWVSlope": 2.1326,
	"PhilipsRWVIntercept": 0,
	"PhilipsRescaleSlope": 2.1326,
	"PhilipsRescaleIntercept": 0,
	"PhilipsScaleSlope": 0.00203558,
	"UsePhilipsFloatNotDisplayScaling": 1,
	"SliceThickness": 5,
	"SpacingBetweenSlices": 5,
	"SAR": 0.0303819,
	"NumberOfAverages": 2,
	"EchoTime": 0.3,
	"RepetitionTime": 4.8,
	"InversionTime": 1.65,
	"FlipAngle": 90,
	"CoilString": "MULTI_COIL",
	"PercentPhaseFOV": 92.8571,
	"EchoTrainLength": 142,
	"PhaseEncodingSteps": 225,
	"AcquisitionMatrixPE": 225,
	"ReconMatrixPE": 896,
	"PixelBandwidth": 567,
	"ImageOrientationPatientDICOM": [
		0.993554,
		0.0825794,
		-0.0776548,
		-0.087296,
		0.994408,
		-0.0594399	],
	"InPlanePhaseEncodingDirectionDICOM": "ROW",
	"ConversionSoftware": "dcm2niix",
	"ConversionSoftwareVersion": "v1.0.20191219"
}
