{
	"Modality": "MR",
	"MagneticFieldStrength": 3,
	"ImagingFrequency": 127.755,
	"Manufacturer": "Philips",
	"ManufacturersModelName": "Ingenia_CX",
	"InstitutionName": "Wuhan_Union_hospital",
	"InstitutionalDepartmentName": "MR",
	"DeviceSerialNumber": "78172",
	"StationName": "PHILIPS-3LJKJS3",
	"BodyPartExamined": "HEAD",
	"PatientPosition": "HFS",
	"ProcedureStepDescription": "IBS034_2st",
	"SoftwareVersions": "6.1.571_6.1.571.1",
	"MRAcquisitionType": "3D",
	"SeriesDescription": "cs_T1W_3D_TFE_32_channel",
	"ProtocolName": "WIP_cs_T1W_3D_TFE_32_channel",
	"ScanningSequence": "GR",
	"SequenceVariant": "MP",
	"ScanOptions": "OTHER",
	"ImageType": ["ORIGINAL", "PRIMARY", "M", "FFE", "M", "FFE"],
	"SeriesNumber": 201,
	"AcquisitionTime": "17:07:25.410000",
	"AcquisitionNumber": 2,
	"PhilipsRWVSlope": 5.41392,
	"PhilipsRWVIntercept": 0,
	"PhilipsRescaleSlope": 5.41392,
	"PhilipsRescaleIntercept": 0,
	"PhilipsScaleSlope": 0.00522766,
	"UsePhilipsFloatNotDisplayScaling": 1,
	"SliceThickness": 1,
	"SpacingBetweenSlices": 0.7,
	"SAR": 0.0153805,
	"EchoTime": 0.003705,
	"RepetitionTime": 0.0080983,
	"FlipAngle": 8,
	"CoilString": "MULTI_COIL",
	"PercentPhaseFOV": 94.3182,
	"EchoTrainLength": 158,
	"PhaseEncodingSteps": 256,
	"AcquisitionMatrixPE": 256,
	"ReconMatrixPE": 352,
	"PixelBandwidth": 191,
	"ImageOrientationPatientDICOM": [
		0.0276542,
		0.999382,
		0.0216843,
		-0.00506751,
		0.0218325,
		-0.999749	],
	"InPlanePhaseEncodingDirectionDICOM": "ROW",
	"ConversionSoftware": "dcm2niix",
	"ConversionSoftwareVersion": "v1.0.20191219"
}
