{
	"Modality": "MR",
	"MagneticFieldStrength": 3,
	"ImagingFrequency": 127.755,
	"Manufacturer": "Philips",
	"ManufacturersModelName": "Ingenia_CX",
	"InstitutionName": "Wuhan_Union_hospital",
	"InstitutionalDepartmentName": "MR",
	"DeviceSerialNumber": "78172",
	"StationName": "PHILIPS-3LJKJS3",
	"BodyPartExamined": "HEAD",
	"PatientPosition": "HFS",
	"ProcedureStepDescription": "head",
	"SoftwareVersions": "6.1.571_6.1.571.1",
	"MRAcquisitionType": "2D",
	"SeriesDescription": "T1W_IR",
	"ProtocolName": "WIP_T1W_IR",
	"ScanningSequence": "IR",
	"SequenceVariant": "SK",
	"ScanOptions": "FS",
	"ImageType": ["ORIGINAL", "PRIMARY", "M", "IR", "M", "IR"],
	"SeriesNumber": 302001,
	"AcquisitionTime": "12:54:31.720000",
	"AcquisitionNumber": 3,
	"PhilipsRWVSlope": 1.53846,
	"PhilipsRWVIntercept": 0,
	"PhilipsRescaleSlope": 1.53846,
	"PhilipsRescaleIntercept": 0,
	"PhilipsScaleSlope": 0.0798365,
	"UsePhilipsFloatNotDisplayScaling": 1,
	"SliceThickness": 5,
	"SpacingBetweenSlices": 6,
	"SAR": 0.12549,
	"EchoTime": 0.016,
	"RepetitionTime": 2,
	"InversionTime": 0.8,
	"FlipAngle": 90,
	"CoilString": "MULTI_COIL",
	"PartialFourier": 0.0328638,
	"PercentPhaseFOV": 83.5938,
	"EchoTrainLength": 7,
	"PhaseEncodingSteps": 213,
	"AcquisitionMatrixPE": 213,
	"ReconMatrixPE": 512,
	"PixelBandwidth": 215,
	"PhaseEncodingAxis": "i",
	"ImageOrientationPatientDICOM": [
		0.998037,
		-0.0567551,
		0.026459,
		0.059172,
		0.993033,
		-0.101899	],
	"InPlanePhaseEncodingDirectionDICOM": "ROW",
	"ConversionSoftware": "dcm2niix",
	"ConversionSoftwareVersion": "v1.0.20191219"
}
