{
	"Modality": "MR",
	"MagneticFieldStrength": 3,
	"ImagingFrequency": 127.755,
	"Manufacturer": "Philips",
	"ManufacturersModelName": "Ingenia_CX",
	"InstitutionName": "Wuhan_Union_hospital",
	"InstitutionalDepartmentName": "MR",
	"DeviceSerialNumber": "78172",
	"StationName": "PHILIPS-3LJKJS3",
	"SeriesInstanceUID": "1.3.46.670589.11.78172.5.0.8456.2023042520555968165",
	"StudyInstanceUID": "1.2.840.113554.345052333575.68212.638176696994096766.3029",
	"PatientName": "Wang_juan",
	"PatientID": "P6141194",
	"AccessionNumber": "UMR202304211546",
	"PatientBirthDate": "1979-09-23",
	"PatientSex": "F",
	"PatientWeight": 88,
	"BodyPartExamined": "HEAD",
	"PatientPosition": "HFS",
	"ProcedureStepDescription": "head",
	"SoftwareVersions": "6.1.571_6.1.571.1",
	"MRAcquisitionType": "2D",
	"SeriesDescription": "PA_75_sDKI_opt_40_EPIC",
	"ProtocolName": "WIP_PA_75_sDKI_opt_40_EPIC",
	"ScanningSequence": "SE",
	"SequenceVariant": "SK",
	"ScanOptions": "FS",
	"ImageType": ["ORIGINAL", "PRIMARY", "M", "SE", "M", "SE"],
	"SeriesNumber": 1001,
	"AcquisitionTime": "20:56:5.730000",
	"AcquisitionDateTime": "2023-04-25T20:56:5.730000",
	"AcquisitionNumber": 10,
	"PhilipsRWVSlope": 1.38168,
	"PhilipsRWVIntercept": 0,
	"PhilipsRescaleSlope": 1.38169,
	"PhilipsRescaleIntercept": 0,
	"PhilipsScaleSlope": 0.0686445,
	"UsePhilipsFloatNotDisplayScaling": 1,
	"SliceThickness": 1.5,
	"SpacingBetweenSlices": 1.5,
	"SAR": 0.0937271,
	"EchoTime": 0.075,
	"RepetitionTime": 4,
	"FlipAngle": 90,
	"CoilString": "MULTI_COIL",
	"PartialFourier": 0.663866,
	"PercentPhaseFOV": 100,
	"EchoTrainLength": 79,
	"PhaseEncodingSteps": 119,
	"AcquisitionMatrixPE": 119,
	"ReconMatrixPE": 160,
	"PixelBandwidth": 2966,
	"PhaseEncodingAxis": "j",
	"ImageOrientationPatientDICOM": [
		0.999799,
		0.0178898,
		0.00904898,
		-0.0162088,
		0.986936,
		-0.160293	],
	"InPlanePhaseEncodingDirectionDICOM": "COL",
	"ConversionSoftware": "dcm2niix",
	"ConversionSoftwareVersion": "v1.0.20190902"
}
