{
	"Modality": "MR",
	"MagneticFieldStrength": 3,
	"ImagingFrequency": 127.755,
	"Manufacturer": "Philips",
	"ManufacturersModelName": "Ingenia_CX",
	"InstitutionName": "Wuhan_Union_hospital",
	"InstitutionalDepartmentName": "MR",
	"DeviceSerialNumber": "78172",
	"StationName": "PHILIPS-3LJKJS3",
	"BodyPartExamined": "HEAD",
	"PatientPosition": "HFS",
	"ProcedureStepDescription": "MRS",
	"SoftwareVersions": "6.1.571_6.1.571.1",
	"MRAcquisitionType": "3D",
	"SeriesDescription": "cs3D_T2_flair_Brain_View",
	"ProtocolName": "WIP_cs3D_T2_flair_Brain_View",
	"ScanningSequence": "IR",
	"SequenceVariant": "SK",
	"ScanOptions": "FS",
	"ImageType": ["ORIGINAL", "PRIMARY", "M", "IR", "M", "IR"],
	"SeriesNumber": 201,
	"AcquisitionTime": "11:29:10.640000",
	"AcquisitionNumber": 2,
	"PhilipsRWVSlope": 4.56288,
	"PhilipsRWVIntercept": 0,
	"PhilipsRescaleSlope": 4.56288,
	"PhilipsRescaleIntercept": 0,
	"PhilipsScaleSlope": 0.0011773,
	"UsePhilipsFloatNotDisplayScaling": 1,
	"SliceThickness": 2,
	"SpacingBetweenSlices": 1,
	"SAR": 0.0321438,
	"EchoTime": 0.312953,
	"RepetitionTime": 4.8,
	"InversionTime": 1.65,
	"FlipAngle": 90,
	"CoilString": "MULTI_COIL",
	"PercentPhaseFOV": 100,
	"EchoTrainLength": 167,
	"PhaseEncodingSteps": 251,
	"AcquisitionMatrixPE": 251,
	"ReconMatrixPE": 256,
	"PixelBandwidth": 973,
	"ImageOrientationPatientDICOM": [
		0.999998,
		-7.24912e-05,
		-0.00199571,
		-0.000101652,
		0.996198,
		-0.0871206	],
	"InPlanePhaseEncodingDirectionDICOM": "COL",
	"ConversionSoftware": "dcm2niix",
	"ConversionSoftwareVersion": "v1.0.20191219"
}
