{
	"Modality": "MR",
	"MagneticFieldStrength": 3,
	"ImagingFrequency": 127.755,
	"Manufacturer": "Philips",
	"ManufacturersModelName": "Ingenia_CX",
	"InstitutionName": "Wuhan_Union_hospital",
	"InstitutionalDepartmentName": "MR",
	"DeviceSerialNumber": "78172",
	"StationName": "PHILIPS-3LJKJS3",
	"BodyPartExamined": "BRAIN",
	"PatientPosition": "HFS",
	"ProcedureStepDescription": "H",
	"SoftwareVersions": "6.1.571_6.1.571.1",
	"MRAcquisitionType": "2D",
	"SeriesDescription": "PA_135sDKI_opt_40_EPIC",
	"ProtocolName": "WIP_PA_135sDKI_opt_40_EPIC",
	"ScanningSequence": "SE",
	"SequenceVariant": "SK",
	"ScanOptions": "FS",
	"ImageType": ["ORIGINAL", "PRIMARY", "M", "SE", "M", "SE"],
	"SeriesNumber": 1701,
	"AcquisitionTime": "15:58:21.070000",
	"AcquisitionNumber": 17,
	"PhilipsRWVSlope": 2.02882,
	"PhilipsRWVIntercept": 0,
	"PhilipsRescaleSlope": 2.02882,
	"PhilipsRescaleIntercept": 0,
	"PhilipsScaleSlope": 0.0604851,
	"UsePhilipsFloatNotDisplayScaling": 1,
	"SliceThickness": 1.5,
	"SpacingBetweenSlices": 1.5,
	"SAR": 0.0841003,
	"EchoTime": 0.135,
	"RepetitionTime": 4.45306,
	"FlipAngle": 90,
	"CoilString": "MULTI_COIL",
	"PartialFourier": 0.663866,
	"PercentPhaseFOV": 100,
	"EchoTrainLength": 79,
	"PhaseEncodingSteps": 119,
	"AcquisitionMatrixPE": 119,
	"ReconMatrixPE": 160,
	"PixelBandwidth": 2968,
	"PhaseEncodingAxis": "j",
	"ImageOrientationPatientDICOM": [
		0.997713,
		0.0598542,
		-0.0313994,
		-0.0656542,
		0.968605,
		-0.23978	],
	"InPlanePhaseEncodingDirectionDICOM": "COL",
	"ConversionSoftware": "dcm2niix",
	"ConversionSoftwareVersion": "v1.0.20191219"
}
