{
	"Modality": "MR",
	"MagneticFieldStrength": 3,
	"ImagingFrequency": 127.755,
	"Manufacturer": "Philips",
	"ManufacturersModelName": "Ingenia_CX",
	"InstitutionName": "Wuhan_Union_hospital",
	"InstitutionalDepartmentName": "MR",
	"DeviceSerialNumber": "78172",
	"StationName": "PHILIPS-3LJKJS3",
	"SeriesInstanceUID": "1.3.46.670589.11.78172.5.0.16336.2023050515410840535",
	"StudyInstanceUID": "1.2.840.113564.345049151876.5964.638187921777878193.995",
	"PatientName": "Mi_Shi_Xiong",
	"PatientID": "P6164062",
	"AccessionNumber": "UMR202305041397",
	"PatientBirthDate": "1970-06-24",
	"PatientSex": "M",
	"PatientWeight": 77,
	"BodyPartExamined": "HEAD",
	"PatientPosition": "HFS",
	"ProcedureStepDescription": "H+MRA+MRV+MRS",
	"SoftwareVersions": "6.1.571_6.1.571.1",
	"MRAcquisitionType": "2D",
	"SeriesDescription": "PA_125sDKI_opt_40_EPIC",
	"ProtocolName": "WIP_PA_125sDKI_opt_40_EPIC",
	"ScanningSequence": "SE",
	"SequenceVariant": "SK",
	"ScanOptions": "FS",
	"ImageType": ["ORIGINAL", "PRIMARY", "M", "SE", "M", "SE"],
	"SeriesNumber": 2301,
	"AcquisitionTime": "15:41:14.370000",
	"AcquisitionDateTime": "2023-05-05T15:41:14.370000",
	"AcquisitionNumber": 23,
	"PhilipsRWVSlope": 2.02295,
	"PhilipsRWVIntercept": 0,
	"PhilipsRescaleSlope": 2.02295,
	"PhilipsRescaleIntercept": 0,
	"PhilipsScaleSlope": 0.0592391,
	"UsePhilipsFloatNotDisplayScaling": 1,
	"SliceThickness": 1.5,
	"SpacingBetweenSlices": 1.5,
	"SAR": 0.0889205,
	"EchoTime": 0.125,
	"RepetitionTime": 4.21444,
	"FlipAngle": 90,
	"CoilString": "MULTI_COIL",
	"PartialFourier": 0.663866,
	"PercentPhaseFOV": 100,
	"EchoTrainLength": 79,
	"PhaseEncodingSteps": 119,
	"AcquisitionMatrixPE": 119,
	"ReconMatrixPE": 160,
	"PixelBandwidth": 2968,
	"PhaseEncodingAxis": "j",
	"ImageOrientationPatientDICOM": [
		0.999998,
		-0.000821485,
		-0.00198801,
		0,
		0.924204,
		-0.381899	],
	"InPlanePhaseEncodingDirectionDICOM": "COL",
	"ConversionSoftware": "dcm2niix",
	"ConversionSoftwareVersion": "v1.0.20190902"
}
