{
	"Modality": "MR",
	"MagneticFieldStrength": 3,
	"ImagingFrequency": 127.755,
	"Manufacturer": "Philips",
	"ManufacturersModelName": "Ingenia_CX",
	"InstitutionName": "Wuhan_Union_hospital",
	"InstitutionalDepartmentName": "MR",
	"DeviceSerialNumber": "78172",
	"StationName": "PHILIPS-3LJKJS3",
	"BodyPartExamined": "HEAD",
	"PatientPosition": "HFS",
	"ProcedureStepDescription": "Glioma",
	"SoftwareVersions": "6.1.571_6.1.571.1",
	"MRAcquisitionType": "2D",
	"SeriesDescription": "PA_135sDKI_opt_40_EPIC",
	"ProtocolName": "WIP_PA_135sDKI_opt_40_EPIC",
	"ScanningSequence": "SE",
	"SequenceVariant": "SK",
	"ScanOptions": "FS",
	"ImageType": ["ORIGINAL", "PRIMARY", "M", "SE", "M", "SE"],
	"SeriesNumber": 1801,
	"AcquisitionTime": "09:12:52.750000",
	"AcquisitionNumber": 18,
	"PhilipsRWVSlope": 1.8591,
	"PhilipsRWVIntercept": 0,
	"PhilipsRescaleSlope": 1.8591,
	"PhilipsRescaleIntercept": 0,
	"PhilipsScaleSlope": 0.0603282,
	"UsePhilipsFloatNotDisplayScaling": 1,
	"SliceThickness": 1.5,
	"SpacingBetweenSlices": 1.5,
	"SAR": 0.0841684,
	"EchoTime": 0.135,
	"RepetitionTime": 4.44857,
	"FlipAngle": 90,
	"CoilString": "MULTI_COIL",
	"PartialFourier": 0.663866,
	"PercentPhaseFOV": 100,
	"EchoTrainLength": 79,
	"PhaseEncodingSteps": 119,
	"AcquisitionMatrixPE": 119,
	"ReconMatrixPE": 160,
	"PixelBandwidth": 2965,
	"PhaseEncodingAxis": "j",
	"ImageOrientationPatientDICOM": [
		0.999544,
		-0.00677563,
		-0.0294152,
		0.00732312,
		0.999801,
		0.0185449	],
	"InPlanePhaseEncodingDirectionDICOM": "COL",
	"ConversionSoftware": "dcm2niix",
	"ConversionSoftwareVersion": "v1.0.20191219"
}
