{
	"Modality": "MR",
	"MagneticFieldStrength": 3,
	"ImagingFrequency": 127.755,
	"Manufacturer": "Philips",
	"ManufacturersModelName": "Ingenia_CX",
	"InstitutionName": "Wuhan_Union_hospital",
	"InstitutionalDepartmentName": "MR",
	"DeviceSerialNumber": "78172",
	"StationName": "PHILIPS-3LJKJS3",
	"BodyPartExamined": "HEAD",
	"PatientPosition": "HFS",
	"ProcedureStepDescription": "MRS",
	"SoftwareVersions": "6.1.571_6.1.571.1",
	"MRAcquisitionType": "3D",
	"SeriesDescription": "cs_T1W_3D_TFE_new",
	"ProtocolName": "WIP_cs_T1W_3D_TFE_new",
	"ScanningSequence": "GR",
	"SequenceVariant": "MP",
	"ScanOptions": "OTHER",
	"ImageType": ["ORIGINAL", "PRIMARY", "M", "FFE", "M", "FFE"],
	"SeriesNumber": 1901,
	"AcquisitionTime": "08:36:54.020000",
	"AcquisitionNumber": 19,
	"PhilipsRWVSlope": 1.80537,
	"PhilipsRWVIntercept": 0,
	"PhilipsRescaleSlope": 1.80537,
	"PhilipsRescaleIntercept": 0,
	"PhilipsScaleSlope": 0.003815,
	"UsePhilipsFloatNotDisplayScaling": 1,
	"SliceThickness": 2,
	"SpacingBetweenSlices": 1,
	"SAR": 0.0139144,
	"EchoTime": 0.00406,
	"RepetitionTime": 0.0082954,
	"FlipAngle": 8,
	"CoilString": "MULTI_COIL",
	"PercentPhaseFOV": 100,
	"EchoTrainLength": 140,
	"PhaseEncodingSteps": 254,
	"AcquisitionMatrixPE": 254,
	"ReconMatrixPE": 352,
	"PixelBandwidth": 172,
	"ImageOrientationPatientDICOM": [
		0.999856,
		-0.000663519,
		0.0169651,
		0.00232783,
		0.995157,
		-0.0982719	],
	"InPlanePhaseEncodingDirectionDICOM": "COL",
	"ConversionSoftware": "dcm2niix",
	"ConversionSoftwareVersion": "v1.0.20191219"
}
