{
	"Modality": "MR",
	"MagneticFieldStrength": 3,
	"ImagingFrequency": 127.755,
	"Manufacturer": "Philips",
	"ManufacturersModelName": "Ingenia_CX",
	"InstitutionName": "Wuhan_Union_hospital",
	"InstitutionalDepartmentName": "MR",
	"DeviceSerialNumber": "78172",
	"StationName": "PHILIPS-3LJKJS3",
	"SeriesInstanceUID": "1.3.46.670589.11.78172.5.0.15400.2023050514412094322",
	"StudyInstanceUID": "1.2.840.113564.345049151876.5964.638187921777878193.995",
	"PatientName": "Mi_Shi_Xiong",
	"PatientID": "P6164062",
	"AccessionNumber": "UMR202305041397",
	"PatientBirthDate": "1970-06-24",
	"PatientSex": "M",
	"PatientWeight": 77,
	"BodyPartExamined": "HEAD",
	"PatientPosition": "HFS",
	"ProcedureStepDescription": "H+MRA+MRV+MRS",
	"SoftwareVersions": "6.1.571_6.1.571.1",
	"MRAcquisitionType": "3D",
	"SeriesDescription": "cs3D_T2_flair_Brain_View",
	"ProtocolName": "WIP_cs3D_T2_flair_Brain_View",
	"ScanningSequence": "IR",
	"SequenceVariant": "SK",
	"ScanOptions": "FS",
	"ImageType": ["ORIGINAL", "PRIMARY", "M", "IR", "M", "IR"],
	"SeriesNumber": 401,
	"AcquisitionTime": "14:41:41.750000",
	"AcquisitionDateTime": "2023-05-05T14:41:41.750000",
	"AcquisitionNumber": 4,
	"PhilipsRWVSlope": 4.28083,
	"PhilipsRWVIntercept": 0,
	"PhilipsRescaleSlope": 4.28083,
	"PhilipsRescaleIntercept": 0,
	"PhilipsScaleSlope": 0.0010519,
	"UsePhilipsFloatNotDisplayScaling": 1,
	"SliceThickness": 2,
	"SpacingBetweenSlices": 1,
	"SAR": 0.0321434,
	"EchoTime": 0.30275,
	"RepetitionTime": 4.8,
	"InversionTime": 1.65,
	"FlipAngle": 90,
	"CoilString": "MULTI_COIL",
	"PercentPhaseFOV": 100,
	"EchoTrainLength": 167,
	"PhaseEncodingSteps": 251,
	"AcquisitionMatrixPE": 251,
	"ReconMatrixPE": 256,
	"PixelBandwidth": 1012,
	"ImageOrientationPatientDICOM": [
		0.999985,
		0.00391792,
		-0.00394639,
		-0.00512807,
		0.924196,
		-0.381884	],
	"InPlanePhaseEncodingDirectionDICOM": "COL",
	"ConversionSoftware": "dcm2niix",
	"ConversionSoftwareVersion": "v1.0.20190902"
}
