{
	"Modality": "MR",
	"MagneticFieldStrength": 3,
	"ImagingFrequency": 127.755,
	"Manufacturer": "Philips",
	"ManufacturersModelName": "Ingenia_CX",
	"InstitutionName": "Wuhan_Union_hospital",
	"InstitutionalDepartmentName": "MR",
	"DeviceSerialNumber": "78172",
	"StationName": "PHILIPS-3LJKJS3",
	"SeriesInstanceUID": "1.3.46.670589.11.78172.5.0.16336.2023050515550376143",
	"StudyInstanceUID": "1.2.840.113564.345049151876.5964.638187921777878193.995",
	"PatientName": "Mi_Shi_Xiong",
	"PatientID": "P6164062",
	"AccessionNumber": "UMR202305041397",
	"PatientBirthDate": "1970-06-24",
	"PatientSex": "M",
	"PatientWeight": 77,
	"BodyPartExamined": "HEAD",
	"PatientPosition": "HFS",
	"ProcedureStepDescription": "H+MRA+MRV+MRS",
	"SoftwareVersions": "6.1.571_6.1.571.1",
	"MRAcquisitionType": "3D",
	"SeriesDescription": "cs_T1W_3D_TFE_new",
	"ProtocolName": "WIP_cs_T1W_3D_TFE_new",
	"ScanningSequence": "GR",
	"SequenceVariant": "MP",
	"ScanOptions": "OTHER",
	"ImageType": ["ORIGINAL", "PRIMARY", "M", "FFE", "M", "FFE"],
	"SeriesNumber": 3101,
	"AcquisitionTime": "15:55:22.530000",
	"AcquisitionDateTime": "2023-05-05T15:55:22.530000",
	"AcquisitionNumber": 31,
	"PhilipsRWVSlope": 2.05275,
	"PhilipsRWVIntercept": 0,
	"PhilipsRescaleSlope": 2.05275,
	"PhilipsRescaleIntercept": 0,
	"PhilipsScaleSlope": 0.0034277,
	"UsePhilipsFloatNotDisplayScaling": 1,
	"SliceThickness": 2,
	"SpacingBetweenSlices": 1,
	"SAR": 0.0139144,
	"EchoTime": 0.004102,
	"RepetitionTime": 0.008479,
	"FlipAngle": 8,
	"CoilString": "MULTI_COIL",
	"PercentPhaseFOV": 100,
	"EchoTrainLength": 140,
	"PhaseEncodingSteps": 254,
	"AcquisitionMatrixPE": 254,
	"ReconMatrixPE": 352,
	"PixelBandwidth": 172,
	"ImageOrientationPatientDICOM": [
		0.999997,
		-0.000777241,
		-0.00230187,
		-0.000120593,
		0.930401,
		-0.366544	],
	"InPlanePhaseEncodingDirectionDICOM": "COL",
	"ConversionSoftware": "dcm2niix",
	"ConversionSoftwareVersion": "v1.0.20190902"
}
