{
	"Modality": "MR",
	"MagneticFieldStrength": 3,
	"ImagingFrequency": 127.755,
	"Manufacturer": "Philips",
	"ManufacturersModelName": "Ingenia_CX",
	"InstitutionName": "Wuhan_Union_hospital",
	"InstitutionalDepartmentName": "MR",
	"DeviceSerialNumber": "78172",
	"StationName": "PHILIPS-3LJKJS3",
	"SeriesInstanceUID": "1.3.46.670589.11.78172.5.0.16336.2023050618593407744",
	"StudyInstanceUID": "1.2.840.113564.345049151876.8980.638189010887029373.2439",
	"PatientName": "Tian_Xiao_Lin",
	"PatientID": "P6168095",
	"AccessionNumber": "UMR202305053369",
	"PatientBirthDate": "1957-08-21",
	"PatientSex": "M",
	"PatientWeight": 88,
	"BodyPartExamined": "HEAD",
	"PatientPosition": "HFS",
	"ProcedureStepDescription": "Glioma",
	"SoftwareVersions": "6.1.571_6.1.571.1",
	"MRAcquisitionType": "3D",
	"SeriesDescription": "cs_T1W_3D_TFE_32_channel",
	"ProtocolName": "WIP_cs_T1W_3D_TFE_32_channel",
	"ScanningSequence": "GR",
	"SequenceVariant": "MP",
	"ScanOptions": "OTHER",
	"ImageType": ["ORIGINAL", "PRIMARY", "M", "FFE", "M", "FFE"],
	"SeriesNumber": 301,
	"AcquisitionTime": "18:59:39.480000",
	"AcquisitionDateTime": "2023-05-06T18:59:39.480000",
	"AcquisitionNumber": 3,
	"PhilipsRWVSlope": 5.17582,
	"PhilipsRWVIntercept": 0,
	"PhilipsRescaleSlope": 5.17582,
	"PhilipsRescaleIntercept": 0,
	"PhilipsScaleSlope": 0.00561904,
	"UsePhilipsFloatNotDisplayScaling": 1,
	"SliceThickness": 1,
	"SpacingBetweenSlices": 0.5,
	"SAR": 0.0147951,
	"EchoTime": 0.003855,
	"RepetitionTime": 0.0083874,
	"FlipAngle": 8,
	"CoilString": "MULTI_COIL",
	"PercentPhaseFOV": 100,
	"EchoTrainLength": 158,
	"PhaseEncodingSteps": 241,
	"AcquisitionMatrixPE": 241,
	"ReconMatrixPE": 384,
	"PixelBandwidth": 191,
	"ImageOrientationPatientDICOM": [
		0.997327,
		0.0440013,
		-0.0583325,
		-0.0561945,
		0.972168,
		-0.227447	],
	"InPlanePhaseEncodingDirectionDICOM": "COL",
	"ConversionSoftware": "dcm2niix",
	"ConversionSoftwareVersion": "v1.0.20190902"
}
