{
	"Modality": "MR",
	"MagneticFieldStrength": 3,
	"ImagingFrequency": 127.755,
	"Manufacturer": "Philips",
	"ManufacturersModelName": "Ingenia_CX",
	"InstitutionName": "Wuhan_Union_hospital",
	"InstitutionalDepartmentName": "MR",
	"DeviceSerialNumber": "78172",
	"StationName": "PHILIPS-3LJKJS3",
	"BodyPartExamined": "HEAD",
	"PatientPosition": "HFS",
	"ProcedureStepDescription": "MRS+MRV",
	"SoftwareVersions": "6.1.571_6.1.571.1",
	"MRAcquisitionType": "2D",
	"SeriesDescription": "PA_115sDKI_opt_40_EPIC",
	"ProtocolName": "WIP_PA_115sDKI_opt_40_EPIC",
	"ScanningSequence": "SE",
	"SequenceVariant": "SK",
	"ScanOptions": "FS",
	"ImageType": ["ORIGINAL", "PRIMARY", "M", "SE", "M", "SE"],
	"SeriesNumber": 1101,
	"AcquisitionTime": "16:41:19.380000",
	"AcquisitionNumber": 11,
	"PhilipsRWVSlope": 1.59976,
	"PhilipsRWVIntercept": 0,
	"PhilipsRescaleSlope": 1.59976,
	"PhilipsRescaleIntercept": 0,
	"PhilipsScaleSlope": 0.0652322,
	"UsePhilipsFloatNotDisplayScaling": 1,
	"SliceThickness": 1.5,
	"SpacingBetweenSlices": 1.5,
	"SAR": 0.0937271,
	"EchoTime": 0.115,
	"RepetitionTime": 4,
	"FlipAngle": 90,
	"CoilString": "MULTI_COIL",
	"PartialFourier": 0.663866,
	"PercentPhaseFOV": 100,
	"EchoTrainLength": 79,
	"PhaseEncodingSteps": 119,
	"AcquisitionMatrixPE": 119,
	"ReconMatrixPE": 160,
	"PixelBandwidth": 2968,
	"PhaseEncodingAxis": "j",
	"ImageOrientationPatientDICOM": [
		0.993554,
		0.0887656,
		-0.0705003,
		-0.087296,
		0.995901,
		0.0236652	],
	"InPlanePhaseEncodingDirectionDICOM": "COL",
	"ConversionSoftware": "dcm2niix",
	"ConversionSoftwareVersion": "v1.0.20191219"
}
