{
	"Modality": "MR",
	"MagneticFieldStrength": 3,
	"ImagingFrequency": 127.755,
	"Manufacturer": "Philips",
	"ManufacturersModelName": "Ingenia_CX",
	"InstitutionName": "Wuhan_Union_hospital",
	"InstitutionalDepartmentName": "MR",
	"DeviceSerialNumber": "78172",
	"StationName": "PHILIPS-3LJKJS3",
	"BodyPartExamined": "HEAD",
	"PatientPosition": "HFS",
	"ProcedureStepDescription": "head",
	"SoftwareVersions": "6.1.571_6.1.571.1",
	"MRAcquisitionType": "3D",
	"SeriesDescription": "cs_T1W_3D_TFE_new",
	"ProtocolName": "WIP_cs_T1W_3D_TFE_new",
	"ScanningSequence": "GR",
	"SequenceVariant": "MP",
	"ScanOptions": "OTHER",
	"ImageType": ["ORIGINAL", "PRIMARY", "M", "FFE", "M", "FFE"],
	"SeriesNumber": 1301,
	"AcquisitionTime": "10:45:22.150000",
	"AcquisitionNumber": 13,
	"PhilipsRWVSlope": 1.76606,
	"PhilipsRWVIntercept": 0,
	"PhilipsRescaleSlope": 1.76606,
	"PhilipsRescaleIntercept": 0,
	"PhilipsScaleSlope": 0.0035008,
	"UsePhilipsFloatNotDisplayScaling": 1,
	"SliceThickness": 2,
	"SpacingBetweenSlices": 1,
	"SAR": 0.0139144,
	"EchoTime": 0.004154,
	"RepetitionTime": 0.0085684,
	"FlipAngle": 8,
	"CoilString": "MULTI_COIL",
	"PercentPhaseFOV": 100,
	"EchoTrainLength": 140,
	"PhaseEncodingSteps": 254,
	"AcquisitionMatrixPE": 254,
	"ReconMatrixPE": 352,
	"PixelBandwidth": 172,
	"ImageOrientationPatientDICOM": [
		0.995114,
		0.0781553,
		-0.0603311,
		-0.093433,
		0.942941,
		-0.319581	],
	"InPlanePhaseEncodingDirectionDICOM": "COL",
	"ConversionSoftware": "dcm2niix",
	"ConversionSoftwareVersion": "v1.0.20191219"
}
