{
	"Modality": "MR",
	"MagneticFieldStrength": 3,
	"ImagingFrequency": 127.755,
	"Manufacturer": "Philips",
	"ManufacturersModelName": "Ingenia_CX",
	"InstitutionName": "Wuhan_Union_hospital",
	"InstitutionalDepartmentName": "MR",
	"DeviceSerialNumber": "78172",
	"StationName": "PHILIPS-3LJKJS3",
	"BodyPartExamined": "BRAIN",
	"PatientPosition": "HFS",
	"ProcedureStepDescription": "Head+MRS",
	"SoftwareVersions": "6.1.571_6.1.571.1",
	"MRAcquisitionType": "3D",
	"SeriesDescription": "cs_T1W_3D_TFE_new",
	"ProtocolName": "WIP_cs_T1W_3D_TFE_new",
	"ScanningSequence": "GR",
	"SequenceVariant": "MP",
	"ScanOptions": "OTHER",
	"ImageType": ["ORIGINAL", "PRIMARY", "M", "FFE", "M", "FFE"],
	"SeriesNumber": 2501,
	"AcquisitionTime": "11:09:46.830000",
	"AcquisitionNumber": 25,
	"PhilipsRWVSlope": 2.01294,
	"PhilipsRWVIntercept": 0,
	"PhilipsRescaleSlope": 2.01294,
	"PhilipsRescaleIntercept": 0,
	"PhilipsScaleSlope": 0.00430677,
	"UsePhilipsFloatNotDisplayScaling": 1,
	"SliceThickness": 2,
	"SpacingBetweenSlices": 1,
	"SAR": 0.0139144,
	"EchoTime": 0.00409,
	"RepetitionTime": 0.0083924,
	"FlipAngle": 8,
	"CoilString": "MULTI_COIL",
	"PercentPhaseFOV": 100,
	"EchoTrainLength": 140,
	"PhaseEncodingSteps": 254,
	"AcquisitionMatrixPE": 254,
	"ReconMatrixPE": 352,
	"PixelBandwidth": 172,
	"ImageOrientationPatientDICOM": [
		0.998868,
		-0.013745,
		0.0455318,
		0.0219812,
		0.982367,
		-0.185664	],
	"InPlanePhaseEncodingDirectionDICOM": "COL",
	"ConversionSoftware": "dcm2niix",
	"ConversionSoftwareVersion": "v1.0.20191219"
}
