{
	"Modality": "MR",
	"MagneticFieldStrength": 3,
	"ImagingFrequency": 127.755,
	"Manufacturer": "Philips",
	"ManufacturersModelName": "Ingenia_CX",
	"InstitutionName": "Wuhan_Union_hospital",
	"InstitutionalDepartmentName": "MR",
	"DeviceSerialNumber": "78172",
	"StationName": "PHILIPS-3LJKJS3",
	"BodyPartExamined": "BRAIN",
	"PatientPosition": "HFS",
	"ProcedureStepDescription": "Head+MRS",
	"SoftwareVersions": "6.1.571_6.1.571.1",
	"MRAcquisitionType": "3D",
	"SeriesDescription": "3D_Brain_View_FLAIR_SHC",
	"ProtocolName": "WIP_3D_Brain_View_FLAIR_SHC",
	"ScanningSequence": "IR",
	"SequenceVariant": "SK",
	"ScanOptions": "FS",
	"ImageType": ["ORIGINAL", "PRIMARY", "M", "IR", "M", "IR"],
	"SeriesNumber": 1001,
	"AcquisitionTime": "10:30:32.720000",
	"AcquisitionNumber": 10,
	"PhilipsRWVSlope": 6.65226,
	"PhilipsRWVIntercept": 0,
	"PhilipsRescaleSlope": 6.65226,
	"PhilipsRescaleIntercept": 0,
	"PhilipsScaleSlope": 0.00189799,
	"UsePhilipsFloatNotDisplayScaling": 1,
	"SliceThickness": 0.999,
	"SpacingBetweenSlices": 0.7,
	"SAR": 0.0321416,
	"EchoTime": 0.303083,
	"RepetitionTime": 4.8,
	"InversionTime": 1.65,
	"FlipAngle": 90,
	"CoilString": "MULTI_COIL",
	"PercentPhaseFOV": 100,
	"EchoTrainLength": 167,
	"PhaseEncodingSteps": 251,
	"AcquisitionMatrixPE": 251,
	"ReconMatrixPE": 352,
	"PixelBandwidth": 1067,
	"ImageOrientationPatientDICOM": [
		0.0236616,
		0.999541,
		0.018928,
		0.0405866,
		0.0179572,
		-0.999015	],
	"InPlanePhaseEncodingDirectionDICOM": "ROW",
	"ConversionSoftware": "dcm2niix",
	"ConversionSoftwareVersion": "v1.0.20191219"
}
